GEM
  remote: https://rubygems.org/
  specs:
    bbmb (2.3.3)
      deprecated (= 2.0.1)
      hpricot
      htmlgrid
      json
      mail
      needle
      odba (>= 1.1.2)
      rclconf
      sbsm (>= 1.4.5)
      syck
      ydbd-pg (>= 0.5.2)
      ydbi (>= 0.5.3)
      ydim (>= 0.5.1)
      ypdf-writer
      yus
    byebug (9.0.6)
    childprocess (0.7.0)
      ffi (~> 1.0, >= 1.0.11)
    chrono_logger (1.1.1)
    coderay (1.1.1)
    color (1.8)
    deprecated (2.0.1)
    diff-lcs (1.3)
    ffi (1.9.25)
    flexmock (2.3.5)
    highline (1.7.8)
    hpricot (0.8.6)
    htmlgrid (1.1.4)
      sbsm (>= 1.2.7)
    httpclient (2.8.3)
    json (2.1.0)
    mail (2.6.6)
      mime-types (>= 1.16, < 4)
    method_source (0.8.2)
    mime-types (3.1)
      mime-types-data (~> 3.2015)
    mime-types-data (3.2016.0521)
    mimemagic (0.3.2)
    minitest (5.10.2)
    needle (1.3.0)
    odba (1.1.2)
      ydbd-pg (>= 0.5.1)
      ydbi (>= 0.5.1)
    pg (0.17.0)
    pry (0.10.4)
      coderay (~> 1.1.0)
      method_source (~> 0.8.1)
      slop (~> 3.4)
    pry-byebug (3.4.2)
      byebug (~> 9.0)
      pry (~> 0.10)
    rack (2.0.3)
    rake (12.0.0)
    rclconf (1.0.0)
    rrba (1.0.0)
    rspec (3.6.0)
      rspec-core (~> 3.6.0)
      rspec-expectations (~> 3.6.0)
      rspec-mocks (~> 3.6.0)
    rspec-core (3.6.0)
      rspec-support (~> 3.6.0)
    rspec-expectations (3.6.0)
      diff-lcs (>= 1.2.0, < 2.0)
      rspec-support (~> 3.6.0)
    rspec-mocks (3.6.0)
      diff-lcs (>= 1.2.0, < 2.0)
      rspec-support (~> 3.6.0)
    rspec-support (3.6.0)
    rubyzip (1.2.2)
    sbsm (1.5.6)
      chrono_logger
      hpricot
      mail
      mimemagic
      rack
    selenium-webdriver (3.4.0)
      childprocess (~> 0.5)
      rubyzip (~> 1.0)
      websocket (~> 1.0)
    slop (3.6.0)
    soap4r (1.5.8)
      httpclient (>= 2.1.1)
    syck (1.3.0)
    transaction-simple (1.4.0.2)
    watir (6.2.1)
      selenium-webdriver (~> 3.0)
    watir-webdriver (0.9.9)
      selenium-webdriver (>= 2.46.2)
    websocket (1.2.4)
    xmlconv (1.1.7)
      deprecated (= 2.0.1)
      htmlgrid
      json
      mail
      needle
      odba (>= 1.1.2)
      rclconf
      sbsm (>= 1.4.5)
      syck
      ydbd-pg (>= 0.5.1)
      ydbi (>= 0.5.1)
      ydim
      ypdf-writer
      yus
    ydbd-pg (0.5.3)
      pg
      ydbi (>= 0.5.0)
    ydbi (0.5.3)
      deprecated (= 2.0.1)
    ydim (1.0.5)
      deprecated (= 2.0.1)
      hpricot
      mail
      needle
      odba (>= 1.1.2)
      rclconf
      rrba
      syck
      ydbd-pg (>= 0.5.1)
      ydbi (>= 0.5.1)
      ypdf-writer
    ypdf-writer (1.3.3)
      color (>= 1.4.0)
      transaction-simple (~> 1.3)
    yus (1.0.4)
      deprecated (= 2.0.1)
      highline
      needle
      odba
      pg (= 0.17.0)
      rclconf
      ydbd-pg (>= 0.5.1)
      ydbi (>= 0.5.1)

PLATFORMS
  ruby

DEPENDENCIES
  bbmb (>= 2.3.3)
  flexmock (~> 2.2)
  minitest (~> 5.9)
  odba
  pry-byebug
  rake
  rspec
  sbsm (>= 1.4.5)
  soap4r
  watir
  watir-webdriver
  xmlconv (>= 1.1.7)
  ydbi (~> 0.5.3)
  yus

BUNDLED WITH
   1.16.6
